RESTRICTION: == net48
NUGET
  remote: https://api.nuget.org/v3/index.json
    Castle.Core (5.1.1)
    LibGit2Sharp (0.27.2)
      LibGit2Sharp.NativeBinaries (2.0.320)
    LibGit2Sharp.NativeBinaries (2.0.320)
    Moq (4.20.69)
      Castle.Core (>= 5.1.1)
      System.Threading.Tasks.Extensions (>= 4.5.4)
    nlog (5.2.3)
    structuremap (2.6.4.1)
    StructureMap.AutoMocking (2.6.4.1)
      structuremap (>= 2.6.4)
    System.Runtime.CompilerServices.Unsafe (6.0)
    System.Threading.Tasks.Extensions (4.5.4)
      System.Runtime.CompilerServices.Unsafe (>= 4.5.3)
    xunit (2.5)
      xunit.analyzers (>= 1.2)
      xunit.assert (>= 2.5)
      xunit.core (2.5)
    xunit.abstractions (2.0.3)
    xunit.analyzers (1.2)
    xunit.assert (2.5)
    xunit.core (2.5)
      xunit.extensibility.core (2.5)
      xunit.extensibility.execution (2.5)
    xunit.extensibility.core (2.5)
      xunit.abstractions (>= 2.0.3)
    xunit.extensibility.execution (2.5)
      xunit.extensibility.core (2.5)
    xunit.runner.visualstudio (2.5.0) - version_in_path: true

GROUP Build
REDIRECTS: OFF
NUGET
  remote: https://api.nuget.org/v3/index.json
    Cake (1.3)
    Cake.Git (1.1)
    GitVersion.CommandLine (5.12)
    Octokit (0.52)
    Octokit.CodeFormatter (1.0.0-preview)
    opencover (4.7.1221)
    reportgenerator (5.1.24)
    xunit.runner.console (2.5)

GROUP VS2015
RESTRICTION: == net48
NUGET
  remote: https://api.nuget.org/v3/index.json
    Microsoft.AspNet.WebApi.Client (5.2.9)
      Newtonsoft.Json (>= 6.0.4)
    Microsoft.AspNet.WebApi.Core (5.2.9)
      Microsoft.AspNet.WebApi.Client (>= 5.2.9)
    Microsoft.Azure.Services.AppAuthentication (1.6)
      Microsoft.IdentityModel.Clients.ActiveDirectory (>= 5.2)
    Microsoft.Bcl.AsyncInterfaces (7.0)
      System.Threading.Tasks.Extensions (>= 4.5.4)
    Microsoft.IdentityModel.Abstractions (6.32.2)
    Microsoft.IdentityModel.Clients.ActiveDirectory (5.3)
      System.Net.Http (>= 4.3.4)
      System.Private.Uri (>= 4.3.2)
    Microsoft.IdentityModel.JsonWebTokens (6.32.2)
      Microsoft.IdentityModel.Tokens (>= 6.32.2)
      System.Text.Encoding (>= 4.3)
      System.Text.Encodings.Web (>= 4.7.2)
      System.Text.Json (>= 4.7.2)
    Microsoft.IdentityModel.Logging (6.32.2)
      Microsoft.IdentityModel.Abstractions (>= 6.32.2)
    Microsoft.IdentityModel.Tokens (6.32.2)
      Microsoft.IdentityModel.Logging (>= 6.32.2)
      System.Text.Encoding (>= 4.3)
      System.Text.Encodings.Web (>= 4.7.2)
      System.Text.Json (>= 4.7.2)
    Microsoft.NETCore.Platforms (7.0.4)
    Microsoft.NETCore.Targets (5.0)
    Microsoft.Rest.ClientRuntime (2.3.24)
      Newtonsoft.Json (>= 10.0.3)
    Microsoft.TeamFoundationServer.Client (14.102)
      Microsoft.AspNet.WebApi.Client (>= 5.2.2)
      Microsoft.VisualStudio.Services.Client (14.102)
      Newtonsoft.Json (>= 6.0.8)
    Microsoft.TeamFoundationServer.ExtendedClient (14.102)
      Microsoft.AspNet.WebApi.Client (>= 5.2.2)
      Microsoft.AspNet.WebApi.Core (>= 5.2.2)
      Microsoft.IdentityModel.Clients.ActiveDirectory (>= 2.16.204221202)
      Microsoft.TeamFoundationServer.Client (14.102)
      Microsoft.VisualStudio.Services.Client (14.102)
      Microsoft.VisualStudio.Services.InteractiveClient (14.102)
      Newtonsoft.Json (>= 6.0.8)
      System.IdentityModel.Tokens.Jwt (>= 4.0)
    Microsoft.VisualStudio.Services.Client (14.102)
      Microsoft.AspNet.WebApi.Client (>= 5.2.2)
      Newtonsoft.Json (>= 6.0.8)
    Microsoft.VisualStudio.Services.InteractiveClient (14.102)
      Microsoft.AspNet.WebApi.Client (>= 5.2.2)
      Microsoft.IdentityModel.Clients.ActiveDirectory (>= 2.16.204221202)
      Microsoft.VisualStudio.Services.Client (14.102)
      Newtonsoft.Json (>= 6.0.8)
      System.IdentityModel.Tokens.Jwt (>= 4.0)
      WindowsAzure.ServiceBus (>= 2.5.1)
    Newtonsoft.Json (13.0.3)
    System.Buffers (4.5.1)
    System.IdentityModel.Tokens.Jwt (6.32.2)
      Microsoft.IdentityModel.JsonWebTokens (>= 6.32.2)
      Microsoft.IdentityModel.Tokens (>= 6.32.2)
    System.IO (4.3)
    System.Memory (4.5.5)
      System.Buffers (>= 4.5.1)
      System.Numerics.Vectors (>= 4.5)
      System.Runtime.CompilerServices.Unsafe (>= 4.5.3)
    System.Net.Http (4.3.4)
      System.Security.Cryptography.X509Certificates (>= 4.3)
    System.Numerics.Vectors (4.5)
    System.Private.Uri (4.3.2)
      Microsoft.NETCore.Platforms (>= 1.1.1)
      Microsoft.NETCore.Targets (>= 1.1.3)
    System.Runtime (4.3.1)
    System.Runtime.CompilerServices.Unsafe (6.0)
    System.Security.Cryptography.Algorithms (4.3.1)
      System.IO (>= 4.3)
      System.Runtime (>= 4.3)
      System.Security.Cryptography.Encoding (>= 4.3)
      System.Security.Cryptography.Primitives (>= 4.3)
    System.Security.Cryptography.Encoding (4.3)
    System.Security.Cryptography.Primitives (4.3)
    System.Security.Cryptography.X509Certificates (4.3.2)
      System.Security.Cryptography.Algorithms (>= 4.3)
      System.Security.Cryptography.Encoding (>= 4.3)
    System.Text.Encoding (4.3)
    System.Text.Encodings.Web (7.0)
      System.Buffers (>= 4.5.1)
      System.Memory (>= 4.5.5)
      System.Runtime.CompilerServices.Unsafe (>= 6.0)
    System.Text.Json (7.0.3)
      Microsoft.Bcl.AsyncInterfaces (>= 7.0)
      System.Buffers (>= 4.5.1)
      System.Memory (>= 4.5.5)
      System.Numerics.Vectors (>= 4.5)
      System.Runtime.CompilerServices.Unsafe (>= 6.0)
      System.Text.Encodings.Web (>= 7.0)
      System.Threading.Tasks.Extensions (>= 4.5.4)
      System.ValueTuple (>= 4.5)
    System.Threading.Tasks.Extensions (4.5.4)
      System.Runtime.CompilerServices.Unsafe (>= 4.5.3)
    System.ValueTuple (4.5)
    WindowsAzure.ServiceBus (6.2.2)
      Microsoft.Azure.Services.AppAuthentication (>= 1.4)
      Microsoft.Rest.ClientRuntime (>= 2.3.20)
      System.IdentityModel.Tokens.Jwt (>= 6.7.1)

GROUP VS2017
RESTRICTION: == net48
NUGET
  remote: https://api.nuget.org/v3/index.json
    MessagePack (2.5.124)
      MessagePack.Annotations (>= 2.5.124)
      Microsoft.Bcl.AsyncInterfaces (>= 6.0)
      Microsoft.NET.StringTools (>= 17.6.3)
      System.Collections.Immutable (>= 6.0)
      System.Reflection.Emit (>= 4.7)
      System.Reflection.Emit.Lightweight (>= 4.7)
      System.Runtime.CompilerServices.Unsafe (>= 6.0)
      System.Threading.Tasks.Extensions (>= 4.5.4)
    MessagePack.Annotations (2.5.124)
    Microsoft.AspNet.WebApi.Client (5.2.9)
      Newtonsoft.Json (>= 6.0.4)
    Microsoft.AspNet.WebApi.Core (5.2.9)
      Microsoft.AspNet.WebApi.Client (>= 5.2.9)
    Microsoft.Azure.Services.AppAuthentication (1.6)
      Microsoft.IdentityModel.Clients.ActiveDirectory (>= 5.2)
    Microsoft.Bcl.AsyncInterfaces (7.0)
      System.Threading.Tasks.Extensions (>= 4.5.4)
    Microsoft.Build.Framework (17.7.2)
      Microsoft.VisualStudio.Setup.Configuration.Interop (>= 3.2.2146)
      System.Runtime.CompilerServices.Unsafe (>= 6.0)
    Microsoft.CodeAnalysis.BannedApiAnalyzers (3.3.4)
    Microsoft.CSharp (4.7)
    Microsoft.IdentityModel.Abstractions (6.32.2)
    Microsoft.IdentityModel.Clients.ActiveDirectory (5.3)
      System.Net.Http (>= 4.3.4)
      System.Private.Uri (>= 4.3.2)
    Microsoft.IdentityModel.JsonWebTokens (6.32.2)
      Microsoft.IdentityModel.Tokens (>= 6.32.2)
      System.Text.Encoding (>= 4.3)
      System.Text.Encodings.Web (>= 4.7.2)
      System.Text.Json (>= 4.7.2)
    Microsoft.IdentityModel.Logging (6.32.2)
      Microsoft.IdentityModel.Abstractions (>= 6.32.2)
    Microsoft.IdentityModel.Tokens (6.32.2)
      Microsoft.IdentityModel.Logging (>= 6.32.2)
      System.Text.Encoding (>= 4.3)
      System.Text.Encodings.Web (>= 4.7.2)
      System.Text.Json (>= 4.7.2)
    Microsoft.IO.Redist (6.0)
      System.Buffers (>= 4.5.1)
      System.Memory (>= 4.5.4)
    Microsoft.NET.StringTools (17.7.2)
      System.Memory (>= 4.5.5)
      System.Runtime.CompilerServices.Unsafe (>= 6.0)
    Microsoft.NETCore.Platforms (7.0.4)
    Microsoft.NETCore.Targets (5.0)
    Microsoft.Rest.ClientRuntime (2.3.24)
      Newtonsoft.Json (>= 10.0.3)
    Microsoft.ServiceHub.Analyzers (4.3.50)
    Microsoft.ServiceHub.Framework (4.3.50)
      Microsoft.ServiceHub.Analyzers (>= 4.3.50)
      Microsoft.VisualStudio.Composition (>= 17.6.17)
      Microsoft.VisualStudio.Threading (>= 17.6.40)
      Microsoft.VisualStudio.Validation (>= 17.6.11)
      Nerdbank.Streams (>= 2.10.69)
      StreamJsonRpc (>= 2.16.29)
      System.Collections.Immutable (>= 7.0)
      System.Text.Json (>= 7.0.2)
    Microsoft.ServiceHub.Resources (4.3.233)
    Microsoft.TeamFoundation.DistributedTask.Common.Contracts (15.131.1)
      Microsoft.VisualStudio.Services.Client (15.131.1)
    Microsoft.TeamFoundationServer.Client (15.131.1)
      Microsoft.AspNet.WebApi.Client (>= 5.2.3)
      Microsoft.TeamFoundation.DistributedTask.Common.Contracts (15.131.1)
      Microsoft.VisualStudio.Services.Client (15.131.1)
      Newtonsoft.Json (>= 9.0.1)
    Microsoft.TeamFoundationServer.ExtendedClient (15.131.1)
      Microsoft.AspNet.WebApi.Client (>= 5.2.3)
      Microsoft.AspNet.WebApi.Core (>= 5.2.3)
      Microsoft.IdentityModel.Clients.ActiveDirectory (>= 3.17.2)
      Microsoft.TeamFoundationServer.Client (15.131.1)
      Microsoft.VisualStudio.Services.Client (15.131.1)
      Microsoft.VisualStudio.Services.InteractiveClient (15.131.1)
      Newtonsoft.Json (>= 9.0.1)
      System.IdentityModel.Tokens.Jwt (>= 5.1.5)
    Microsoft.VisualStudio.ComponentModelHost (17.7.188)
      Microsoft.VisualStudio.Imaging.Interop.14.0.DesignTime (>= 17.7.36673)
      Microsoft.VisualStudio.Interop (>= 17.7.36673)
      Microsoft.VisualStudio.Validation (>= 17.6.11)
      System.ComponentModel.Composition (>= 7.0)
    Microsoft.VisualStudio.Composition (17.7.18)
      Microsoft.VisualStudio.Composition.Analyzers (>= 17.7.18)
      Microsoft.VisualStudio.Validation (>= 17.6.11)
      System.Collections.Immutable (>= 7.0)
      System.ComponentModel.Composition (>= 7.0)
      System.Composition (>= 7.0)
      System.Composition.AttributedModel (>= 7.0)
      System.Reflection.Metadata (>= 7.0)
      System.Threading.Tasks.Dataflow (>= 7.0)
    Microsoft.VisualStudio.Composition.Analyzers (17.7.18)
    Microsoft.VisualStudio.GraphModel (17.7.37355)
      Microsoft.VisualStudio.Interop (>= 17.7.37355)
      System.ComponentModel.Composition (>= 7.0)
    Microsoft.VisualStudio.ImageCatalog (17.7.37355)
      Microsoft.VisualStudio.Imaging.Interop.14.0.DesignTime (>= 17.7.37349)
      Microsoft.VisualStudio.Interop (>= 17.7.37355)
    Microsoft.VisualStudio.Imaging (17.7.37355)
      MessagePack (>= 2.5.108)
      MessagePack.Annotations (>= 2.5.108)
      Microsoft.Bcl.AsyncInterfaces (>= 7.0)
      Microsoft.IO.Redist (>= 6.0)
      Microsoft.NET.StringTools (>= 17.7.2)
      Microsoft.ServiceHub.Analyzers (>= 4.3.50)
      Microsoft.ServiceHub.Framework (>= 4.3.50)
      Microsoft.ServiceHub.Resources (>= 4.3.233)
      Microsoft.VisualStudio.Composition (>= 17.7.18)
      Microsoft.VisualStudio.Composition.Analyzers (>= 17.7.18)
      Microsoft.VisualStudio.Imaging.Interop.14.0.DesignTime (>= 17.7.37349)
      Microsoft.VisualStudio.RemoteControl (>= 16.3.52)
      Microsoft.VisualStudio.RpcContracts (>= 17.7.9)
      Microsoft.VisualStudio.Telemetry (>= 17.7.57)
      Microsoft.VisualStudio.Threading (>= 17.7.30)
      Microsoft.VisualStudio.Threading.Analyzers (>= 17.7.30)
      Microsoft.VisualStudio.Utilities (>= 17.7.37355)
      Microsoft.VisualStudio.Utilities.Internal (>= 16.3.42)
      Microsoft.VisualStudio.Validation (>= 17.6.11)
      Microsoft.Win32.Registry (>= 5.0)
      Nerdbank.Streams (>= 2.10.69)
      Newtonsoft.Json (>= 13.0.3)
      StreamJsonRpc (>= 2.16.36)
      System.Buffers (>= 4.5.1)
      System.Collections.Immutable (>= 7.0)
      System.ComponentModel.Composition (>= 7.0)
      System.Composition (>= 7.0)
      System.Composition.AttributedModel (>= 7.0)
      System.Composition.Convention (>= 7.0)
      System.Composition.Hosting (>= 7.0)
      System.Composition.Runtime (>= 7.0)
      System.Composition.TypedParts (>= 7.0)
      System.Diagnostics.DiagnosticSource (>= 7.0.2)
      System.IO.Pipelines (>= 7.0)
      System.Memory (>= 4.5.5)
      System.Numerics.Vectors (>= 4.5)
      System.Reflection.Metadata (>= 7.0)
      System.Runtime.CompilerServices.Unsafe (>= 6.0)
      System.Security.AccessControl (>= 6.0)
      System.Security.Principal.Windows (>= 5.0)
      System.Text.Encodings.Web (>= 7.0)
      System.Text.Json (>= 7.0.3)
      System.Threading.AccessControl (>= 7.0)
      System.Threading.Tasks.Dataflow (>= 7.0)
      System.Threading.Tasks.Extensions (>= 4.5.4)
      System.ValueTuple (>= 4.5)
    Microsoft.VisualStudio.Imaging.Interop.14.0.DesignTime (17.7.37349)
    Microsoft.VisualStudio.Interop (17.7.37355)
    Microsoft.VisualStudio.ProjectAggregator (17.7.37349)
    Microsoft.VisualStudio.RegDetour (17.5.33428.366)
    Microsoft.VisualStudio.RemoteControl (16.3.52)
      Microsoft.VisualStudio.Utilities.Internal (>= 16.3.42)
    Microsoft.VisualStudio.RpcContracts (17.7.9)
      Microsoft.ServiceHub.Framework (>= 4.2.100)
      System.Threading.Tasks.Dataflow (>= 7.0)
    Microsoft.VisualStudio.SDK.Analyzers (16.10.10)
      Microsoft.CodeAnalysis.BannedApiAnalyzers (>= 3.3.2)
      Microsoft.VisualStudio.Threading.Analyzers (>= 16.10.56)
    Microsoft.VisualStudio.Services.Client (15.131.1)
      Microsoft.AspNet.WebApi.Client (>= 5.2.3)
      Newtonsoft.Json (>= 9.0.1)
    Microsoft.VisualStudio.Services.InteractiveClient (15.131.1)
      Microsoft.IdentityModel.Clients.ActiveDirectory (>= 3.17.2)
      Microsoft.IdentityModel.Logging (>= 1.1.5)
      Microsoft.IdentityModel.Tokens (>= 5.1.5)
      Microsoft.VisualStudio.Services.Client (15.131.1)
      Newtonsoft.Json (>= 9.0.1)
      System.IdentityModel.Tokens.Jwt (>= 5.1.5)
      WindowsAzure.ServiceBus (>= 3.3.2)
    Microsoft.VisualStudio.Settings.15.0 (15.9.28307)
      Microsoft.VisualStudio.RegDetour (>= 15.9.28307)
      Microsoft.VisualStudio.Shell.15.0 (>= 15.9.28307)
    Microsoft.VisualStudio.Setup.Configuration.Interop (3.7.2175)
    Microsoft.VisualStudio.Shell.15.0 (17.7.37355)
      MessagePack (>= 2.5.108)
      MessagePack.Annotations (>= 2.5.108)
      Microsoft.Bcl.AsyncInterfaces (>= 7.0)
      Microsoft.Build.Framework (>= 17.7.2)
      Microsoft.IO.Redist (>= 6.0)
      Microsoft.NET.StringTools (>= 17.7.2)
      Microsoft.ServiceHub.Analyzers (>= 4.3.50)
      Microsoft.ServiceHub.Framework (>= 4.3.50)
      Microsoft.ServiceHub.Resources (>= 4.3.233)
      Microsoft.VisualStudio.ComponentModelHost (>= 17.7.188)
      Microsoft.VisualStudio.Composition (>= 17.7.18)
      Microsoft.VisualStudio.Composition.Analyzers (>= 17.7.18)
      Microsoft.VisualStudio.GraphModel (>= 17.7.37355)
      Microsoft.VisualStudio.ImageCatalog (>= 17.7.37355)
      Microsoft.VisualStudio.Imaging (>= 17.7.37355)
      Microsoft.VisualStudio.Imaging.Interop.14.0.DesignTime (>= 17.7.37349)
      Microsoft.VisualStudio.Interop (>= 17.7.37355)
      Microsoft.VisualStudio.ProjectAggregator (>= 17.7.37349)
      Microsoft.VisualStudio.RemoteControl (>= 16.3.52)
      Microsoft.VisualStudio.RpcContracts (>= 17.7.9)
      Microsoft.VisualStudio.SDK.Analyzers (>= 16.10.10)
      Microsoft.VisualStudio.Setup.Configuration.Interop (>= 3.7.2175)
      Microsoft.VisualStudio.Shell.Framework (>= 17.7.37355)
      Microsoft.VisualStudio.Telemetry (>= 17.7.57)
      Microsoft.VisualStudio.Threading (>= 17.7.30)
      Microsoft.VisualStudio.Threading.Analyzers (>= 17.7.30)
      Microsoft.VisualStudio.Utilities (>= 17.7.37355)
      Microsoft.VisualStudio.Utilities.Internal (>= 16.3.42)
      Microsoft.VisualStudio.Validation (>= 17.6.11)
      Microsoft.Win32.Registry (>= 5.0)
      Nerdbank.Streams (>= 2.10.69)
      Newtonsoft.Json (>= 13.0.3)
      StreamJsonRpc (>= 2.16.36)
      System.Buffers (>= 4.5.1)
      System.Collections.Immutable (>= 7.0)
      System.ComponentModel.Composition (>= 7.0)
      System.Composition (>= 7.0)
      System.Composition.AttributedModel (>= 7.0)
      System.Composition.Convention (>= 7.0)
      System.Composition.Hosting (>= 7.0)
      System.Composition.Runtime (>= 7.0)
      System.Composition.TypedParts (>= 7.0)
      System.Diagnostics.DiagnosticSource (>= 7.0.2)
      System.IO.Pipelines (>= 7.0)
      System.Memory (>= 4.5.5)
      System.Numerics.Vectors (>= 4.5)
      System.Reflection.Metadata (>= 7.0)
      System.Runtime.CompilerServices.Unsafe (>= 6.0)
      System.Security.AccessControl (>= 6.0)
      System.Security.Principal.Windows (>= 5.0)
      System.Text.Encodings.Web (>= 7.0)
      System.Text.Json (>= 7.0.3)
      System.Threading.AccessControl (>= 7.0)
      System.Threading.Tasks.Dataflow (>= 7.0)
      System.Threading.Tasks.Extensions (>= 4.5.4)
      System.ValueTuple (>= 4.5)
    Microsoft.VisualStudio.Shell.Framework (17.7.37355)
      MessagePack (>= 2.5.108)
      MessagePack.Annotations (>= 2.5.108)
      Microsoft.Bcl.AsyncInterfaces (>= 7.0)
      Microsoft.Build.Framework (>= 17.7.2)
      Microsoft.IO.Redist (>= 6.0)
      Microsoft.NET.StringTools (>= 17.7.2)
      Microsoft.ServiceHub.Analyzers (>= 4.3.50)
      Microsoft.ServiceHub.Framework (>= 4.3.50)
      Microsoft.ServiceHub.Resources (>= 4.3.233)
      Microsoft.VisualStudio.Composition (>= 17.7.18)
      Microsoft.VisualStudio.Composition.Analyzers (>= 17.7.18)
      Microsoft.VisualStudio.GraphModel (>= 17.7.37355)
      Microsoft.VisualStudio.Imaging.Interop.14.0.DesignTime (>= 17.7.37349)
      Microsoft.VisualStudio.Interop (>= 17.7.37355)
      Microsoft.VisualStudio.RemoteControl (>= 16.3.52)
      Microsoft.VisualStudio.RpcContracts (>= 17.7.9)
      Microsoft.VisualStudio.SDK.Analyzers (>= 16.10.10)
      Microsoft.VisualStudio.Setup.Configuration.Interop (>= 3.7.2175)
      Microsoft.VisualStudio.Telemetry (>= 17.7.57)
      Microsoft.VisualStudio.Threading (>= 17.7.30)
      Microsoft.VisualStudio.Threading.Analyzers (>= 17.7.30)
      Microsoft.VisualStudio.Utilities (>= 17.7.37355)
      Microsoft.VisualStudio.Utilities.Internal (>= 16.3.42)
      Microsoft.VisualStudio.Validation (>= 17.6.11)
      Microsoft.Win32.Registry (>= 5.0)
      Nerdbank.Streams (>= 2.10.69)
      Newtonsoft.Json (>= 13.0.3)
      StreamJsonRpc (>= 2.16.36)
      System.Buffers (>= 4.5.1)
      System.Collections.Immutable (>= 7.0)
      System.ComponentModel.Composition (>= 7.0)
      System.Composition (>= 7.0)
      System.Composition.AttributedModel (>= 7.0)
      System.Composition.Convention (>= 7.0)
      System.Composition.Hosting (>= 7.0)
      System.Composition.Runtime (>= 7.0)
      System.Composition.TypedParts (>= 7.0)
      System.Diagnostics.DiagnosticSource (>= 7.0.2)
      System.IO.Pipelines (>= 7.0)
      System.Memory (>= 4.5.5)
      System.Numerics.Vectors (>= 4.5)
      System.Reflection.Metadata (>= 7.0)
      System.Runtime.CompilerServices.Unsafe (>= 6.0)
      System.Security.AccessControl (>= 6.0)
      System.Security.Principal.Windows (>= 5.0)
      System.Text.Encodings.Web (>= 7.0)
      System.Text.Json (>= 7.0.3)
      System.Threading.AccessControl (>= 7.0)
      System.Threading.Tasks.Dataflow (>= 7.0)
      System.Threading.Tasks.Extensions (>= 4.5.4)
      System.ValueTuple (>= 4.5)
    Microsoft.VisualStudio.Telemetry (17.7.57)
      Microsoft.CSharp (>= 4.7)
      Microsoft.VisualStudio.RemoteControl (>= 16.3.52)
      Microsoft.VisualStudio.Utilities.Internal (>= 16.3.42)
      Newtonsoft.Json (>= 13.0.1)
      System.Runtime.CompilerServices.Unsafe (>= 5.0)
    Microsoft.VisualStudio.Threading (17.7.30)
      Microsoft.Bcl.AsyncInterfaces (>= 7.0)
      Microsoft.VisualStudio.Threading.Analyzers (>= 17.7.30)
      Microsoft.VisualStudio.Validation (>= 17.6.11)
      Microsoft.Win32.Registry (>= 5.0)
      System.Runtime.CompilerServices.Unsafe (>= 6.0)
      System.Threading.Tasks.Extensions (>= 4.5.4)
    Microsoft.VisualStudio.Threading.Analyzers (17.7.30)
    Microsoft.VisualStudio.Utilities (17.7.37355)
      MessagePack (>= 2.5.108)
      MessagePack.Annotations (>= 2.5.108)
      Microsoft.Bcl.AsyncInterfaces (>= 7.0)
      Microsoft.IO.Redist (>= 6.0)
      Microsoft.NET.StringTools (>= 17.7.2)
      Microsoft.ServiceHub.Framework (>= 4.3.50)
      Microsoft.ServiceHub.Resources (>= 4.3.233)
      Microsoft.VisualStudio.Composition (>= 17.7.18)
      Microsoft.VisualStudio.Composition.Analyzers (>= 17.7.18)
      Microsoft.VisualStudio.RemoteControl (>= 16.3.52)
      Microsoft.VisualStudio.RpcContracts (>= 17.7.9)
      Microsoft.VisualStudio.Telemetry (>= 17.7.57)
      Microsoft.VisualStudio.Threading (>= 17.7.30)
      Microsoft.VisualStudio.Threading.Analyzers (>= 17.7.30)
      Microsoft.VisualStudio.Utilities.Internal (>= 16.3.42)
      Microsoft.VisualStudio.Validation (>= 17.6.11)
      Microsoft.Win32.Registry (>= 5.0)
      Nerdbank.Streams (>= 2.10.69)
      Newtonsoft.Json (>= 13.0.3)
      StreamJsonRpc (>= 2.16.36)
      System.Buffers (>= 4.5.1)
      System.Collections.Immutable (>= 7.0)
      System.ComponentModel.Composition (>= 7.0)
      System.Composition (>= 7.0)
      System.Composition.AttributedModel (>= 7.0)
      System.Composition.Convention (>= 7.0)
      System.Composition.Hosting (>= 7.0)
      System.Composition.Runtime (>= 7.0)
      System.Composition.TypedParts (>= 7.0)
      System.Diagnostics.DiagnosticSource (>= 7.0.2)
      System.IO.Pipelines (>= 7.0)
      System.Memory (>= 4.5.5)
      System.Numerics.Vectors (>= 4.5)
      System.Reflection.Metadata (>= 7.0)
      System.Runtime.CompilerServices.Unsafe (>= 6.0)
      System.Security.AccessControl (>= 6.0)
      System.Security.Principal.Windows (>= 5.0)
      System.Text.Encodings.Web (>= 7.0)
      System.Text.Json (>= 7.0.3)
      System.Threading.AccessControl (>= 7.0)
      System.Threading.Tasks.Dataflow (>= 7.0)
      System.Threading.Tasks.Extensions (>= 4.5.4)
      System.ValueTuple (>= 4.5)
    Microsoft.VisualStudio.Utilities.Internal (16.3.42)
    Microsoft.VisualStudio.Validation (17.6.11)
    Microsoft.Win32.Registry (5.0)
      System.Security.AccessControl (>= 5.0)
      System.Security.Principal.Windows (>= 5.0)
    Nerdbank.Streams (2.10.69)
      Microsoft.Bcl.AsyncInterfaces (>= 7.0)
      Microsoft.VisualStudio.Threading (>= 17.6.40)
      Microsoft.VisualStudio.Validation (>= 17.6.11)
      System.IO.Pipelines (>= 7.0)
      System.Runtime.CompilerServices.Unsafe (>= 6.0)
    Newtonsoft.Json (13.0.3)
    StreamJsonRpc (2.16.36)
      MessagePack (>= 2.5.108)
      Microsoft.Bcl.AsyncInterfaces (>= 7.0)
      Microsoft.VisualStudio.Threading (>= 17.6.40)
      Microsoft.VisualStudio.Threading.Analyzers (>= 17.6.40)
      Microsoft.VisualStudio.Validation (>= 17.6.11)
      Nerdbank.Streams (>= 2.10.66)
      Newtonsoft.Json (>= 13.0.1)
      System.Collections.Immutable (>= 7.0)
      System.Diagnostics.DiagnosticSource (>= 7.0.2)
      System.IO.Pipelines (>= 7.0)
      System.Text.Encodings.Web (>= 7.0)
      System.Text.Json (>= 7.0.3)
      System.Threading.Tasks.Dataflow (>= 7.0)
    System.Buffers (4.5.1)
    System.Collections.Immutable (7.0)
      System.Memory (>= 4.5.5)
      System.Runtime.CompilerServices.Unsafe (>= 6.0)
    System.ComponentModel.Composition (7.0)
    System.Composition (7.0)
      System.Composition.AttributedModel (>= 7.0)
      System.Composition.Convention (>= 7.0)
      System.Composition.Hosting (>= 7.0)
      System.Composition.Runtime (>= 7.0)
      System.Composition.TypedParts (>= 7.0)
    System.Composition.AttributedModel (7.0)
    System.Composition.Convention (7.0)
      System.Composition.AttributedModel (>= 7.0)
    System.Composition.Hosting (7.0)
      System.Composition.Runtime (>= 7.0)
    System.Composition.Runtime (7.0)
    System.Composition.TypedParts (7.0)
      System.Composition.AttributedModel (>= 7.0)
      System.Composition.Hosting (>= 7.0)
      System.Composition.Runtime (>= 7.0)
    System.Diagnostics.DiagnosticSource (7.0.2)
      System.Memory (>= 4.5.5)
      System.Runtime.CompilerServices.Unsafe (>= 6.0)
    System.IdentityModel.Tokens.Jwt (6.32.2)
      Microsoft.IdentityModel.JsonWebTokens (>= 6.32.2)
      Microsoft.IdentityModel.Tokens (>= 6.32.2)
    System.IO (4.3)
    System.IO.Pipelines (7.0)
      System.Buffers (>= 4.5.1)
      System.Memory (>= 4.5.5)
      System.Threading.Tasks.Extensions (>= 4.5.4)
    System.Memory (4.5.5)
      System.Buffers (>= 4.5.1)
      System.Numerics.Vectors (>= 4.5)
      System.Runtime.CompilerServices.Unsafe (>= 4.5.3)
    System.Net.Http (4.3.4)
      System.Security.Cryptography.X509Certificates (>= 4.3)
    System.Numerics.Vectors (4.5)
    System.Private.Uri (4.3.2)
      Microsoft.NETCore.Platforms (>= 1.1.1)
      Microsoft.NETCore.Targets (>= 1.1.3)
    System.Reflection.Emit (4.7)
    System.Reflection.Emit.Lightweight (4.7)
    System.Reflection.Metadata (7.0.2)
      System.Collections.Immutable (>= 7.0)
      System.Memory (>= 4.5.5)
    System.Runtime (4.3.1)
    System.Runtime.CompilerServices.Unsafe (6.0)
    System.Security.AccessControl (6.0)
      System.Security.Principal.Windows (>= 5.0)
    System.Security.Cryptography.Algorithms (4.3.1)
      System.IO (>= 4.3)
      System.Runtime (>= 4.3)
      System.Security.Cryptography.Encoding (>= 4.3)
      System.Security.Cryptography.Primitives (>= 4.3)
    System.Security.Cryptography.Encoding (4.3)
    System.Security.Cryptography.Primitives (4.3)
    System.Security.Cryptography.X509Certificates (4.3.2)
      System.Security.Cryptography.Algorithms (>= 4.3)
      System.Security.Cryptography.Encoding (>= 4.3)
    System.Security.Principal.Windows (5.0)
    System.Text.Encoding (4.3)
    System.Text.Encodings.Web (7.0)
      System.Buffers (>= 4.5.1)
      System.Memory (>= 4.5.5)
      System.Runtime.CompilerServices.Unsafe (>= 6.0)
    System.Text.Json (7.0.3)
      Microsoft.Bcl.AsyncInterfaces (>= 7.0)
      System.Buffers (>= 4.5.1)
      System.Memory (>= 4.5.5)
      System.Numerics.Vectors (>= 4.5)
      System.Runtime.CompilerServices.Unsafe (>= 6.0)
      System.Text.Encodings.Web (>= 7.0)
      System.Threading.Tasks.Extensions (>= 4.5.4)
      System.ValueTuple (>= 4.5)
    System.Threading.AccessControl (7.0.1)
      System.Security.AccessControl (>= 6.0)
      System.Security.Principal.Windows (>= 5.0)
    System.Threading.Tasks.Dataflow (7.0)
    System.Threading.Tasks.Extensions (4.5.4)
      System.Runtime.CompilerServices.Unsafe (>= 4.5.3)
    System.ValueTuple (4.5)
    WindowsAzure.ServiceBus (6.2.2)
      Microsoft.Azure.Services.AppAuthentication (>= 1.4)
      Microsoft.Rest.ClientRuntime (>= 2.3.20)
      System.IdentityModel.Tokens.Jwt (>= 6.7.1)

GROUP VS2019
RESTRICTION: == net48
NUGET
  remote: https://api.nuget.org/v3/index.json
    MessagePack (2.5.124)
      MessagePack.Annotations (>= 2.5.124)
      Microsoft.Bcl.AsyncInterfaces (>= 6.0)
      Microsoft.NET.StringTools (>= 17.6.3)
      System.Collections.Immutable (>= 6.0)
      System.Reflection.Emit (>= 4.7)
      System.Reflection.Emit.Lightweight (>= 4.7)
      System.Runtime.CompilerServices.Unsafe (>= 6.0)
      System.Threading.Tasks.Extensions (>= 4.5.4)
    MessagePack.Annotations (2.5.124)
    Microsoft.AspNet.WebApi.Client (5.2.9)
      Newtonsoft.Json (>= 6.0.4)
    Microsoft.AspNet.WebApi.Core (5.2.9)
      Microsoft.AspNet.WebApi.Client (>= 5.2.9)
    Microsoft.AspNet.WebApi.WebHost (5.2.9)
      Microsoft.AspNet.WebApi.Core (>= 5.2.9 < 5.3)
    Microsoft.Bcl.AsyncInterfaces (7.0)
      System.Threading.Tasks.Extensions (>= 4.5.4)
    Microsoft.Build.Framework (17.7.2)
      Microsoft.VisualStudio.Setup.Configuration.Interop (>= 3.2.2146)
      System.Runtime.CompilerServices.Unsafe (>= 6.0)
    Microsoft.CodeAnalysis.BannedApiAnalyzers (3.3.4)
    Microsoft.CSharp (4.7)
    Microsoft.IdentityModel.Abstractions (6.32.2)
    Microsoft.IdentityModel.Clients.ActiveDirectory (5.3)
      System.Net.Http (>= 4.3.4)
      System.Private.Uri (>= 4.3.2)
    Microsoft.IdentityModel.JsonWebTokens (6.32.2)
      Microsoft.IdentityModel.Tokens (>= 6.32.2)
      System.Text.Encoding (>= 4.3)
      System.Text.Encodings.Web (>= 4.7.2)
      System.Text.Json (>= 4.7.2)
    Microsoft.IdentityModel.Logging (6.32.2)
      Microsoft.IdentityModel.Abstractions (>= 6.32.2)
    Microsoft.IdentityModel.Tokens (6.32.2)
      Microsoft.IdentityModel.Logging (>= 6.32.2)
      System.Text.Encoding (>= 4.3)
      System.Text.Encodings.Web (>= 4.7.2)
      System.Text.Json (>= 4.7.2)
    Microsoft.IO.Redist (6.0)
      System.Buffers (>= 4.5.1)
      System.Memory (>= 4.5.4)
    Microsoft.NET.StringTools (17.7.2)
      System.Memory (>= 4.5.5)
      System.Runtime.CompilerServices.Unsafe (>= 6.0)
    Microsoft.NETCore.Platforms (7.0.4)
    Microsoft.NETCore.Targets (5.0)
    Microsoft.ServiceHub.Analyzers (4.3.50)
    Microsoft.ServiceHub.Framework (4.3.50)
      Microsoft.ServiceHub.Analyzers (>= 4.3.50)
      Microsoft.VisualStudio.Composition (>= 17.6.17)
      Microsoft.VisualStudio.Threading (>= 17.6.40)
      Microsoft.VisualStudio.Validation (>= 17.6.11)
      Nerdbank.Streams (>= 2.10.69)
      StreamJsonRpc (>= 2.16.29)
      System.Collections.Immutable (>= 7.0)
      System.Text.Json (>= 7.0.2)
    Microsoft.ServiceHub.Resources (4.3.233)
    Microsoft.TeamFoundation.DistributedTask.Common.Contracts (16.205.1)
      Microsoft.VisualStudio.Services.Client (16.205.1)
    Microsoft.TeamFoundationServer.Client (16.205.1)
      Microsoft.AspNet.WebApi.Client (>= 5.2.7)
      Microsoft.AspNet.WebApi.Core (>= 5.2.7)
      Microsoft.AspNet.WebApi.WebHost (>= 5.2.7)
      Microsoft.TeamFoundation.DistributedTask.Common.Contracts (16.205.1)
      Microsoft.VisualStudio.Services.Client (16.205.1)
      Newtonsoft.Json (>= 12.0.3)
    Microsoft.TeamFoundationServer.ExtendedClient (16.205.1)
      Microsoft.AspNet.WebApi.Client (>= 5.2.7)
      Microsoft.AspNet.WebApi.Core (>= 5.2.7)
      Microsoft.IdentityModel.Clients.ActiveDirectory (>= 5.2.6)
      Microsoft.TeamFoundationServer.Client (16.205.1)
      Microsoft.VisualStudio.Services.Client (16.205.1)
      Microsoft.VisualStudio.Services.InteractiveClient (16.205.1)
      Newtonsoft.Json (>= 12.0.3)
      System.IdentityModel.Tokens.Jwt (>= 5.6)
    Microsoft.VisualStudio.ComponentModelHost (17.7.188)
      Microsoft.VisualStudio.Imaging.Interop.14.0.DesignTime (>= 17.7.36673)
      Microsoft.VisualStudio.Interop (>= 17.7.36673)
      Microsoft.VisualStudio.Validation (>= 17.6.11)
      System.ComponentModel.Composition (>= 7.0)
    Microsoft.VisualStudio.Composition (17.7.18)
      Microsoft.VisualStudio.Composition.Analyzers (>= 17.7.18)
      Microsoft.VisualStudio.Validation (>= 17.6.11)
      System.Collections.Immutable (>= 7.0)
      System.ComponentModel.Composition (>= 7.0)
      System.Composition (>= 7.0)
      System.Composition.AttributedModel (>= 7.0)
      System.Reflection.Metadata (>= 7.0)
      System.Threading.Tasks.Dataflow (>= 7.0)
    Microsoft.VisualStudio.Composition.Analyzers (17.7.18)
    Microsoft.VisualStudio.GraphModel (17.7.37355)
      Microsoft.VisualStudio.Interop (>= 17.7.37355)
      System.ComponentModel.Composition (>= 7.0)
    Microsoft.VisualStudio.ImageCatalog (17.7.37355)
      Microsoft.VisualStudio.Imaging.Interop.14.0.DesignTime (>= 17.7.37349)
      Microsoft.VisualStudio.Interop (>= 17.7.37355)
    Microsoft.VisualStudio.Imaging (17.7.37355)
      MessagePack (>= 2.5.108)
      MessagePack.Annotations (>= 2.5.108)
      Microsoft.Bcl.AsyncInterfaces (>= 7.0)
      Microsoft.IO.Redist (>= 6.0)
      Microsoft.NET.StringTools (>= 17.7.2)
      Microsoft.ServiceHub.Analyzers (>= 4.3.50)
      Microsoft.ServiceHub.Framework (>= 4.3.50)
      Microsoft.ServiceHub.Resources (>= 4.3.233)
      Microsoft.VisualStudio.Composition (>= 17.7.18)
      Microsoft.VisualStudio.Composition.Analyzers (>= 17.7.18)
      Microsoft.VisualStudio.Imaging.Interop.14.0.DesignTime (>= 17.7.37349)
      Microsoft.VisualStudio.RemoteControl (>= 16.3.52)
      Microsoft.VisualStudio.RpcContracts (>= 17.7.9)
      Microsoft.VisualStudio.Telemetry (>= 17.7.57)
      Microsoft.VisualStudio.Threading (>= 17.7.30)
      Microsoft.VisualStudio.Threading.Analyzers (>= 17.7.30)
      Microsoft.VisualStudio.Utilities (>= 17.7.37355)
      Microsoft.VisualStudio.Utilities.Internal (>= 16.3.42)
      Microsoft.VisualStudio.Validation (>= 17.6.11)
      Microsoft.Win32.Registry (>= 5.0)
      Nerdbank.Streams (>= 2.10.69)
      Newtonsoft.Json (>= 13.0.3)
      StreamJsonRpc (>= 2.16.36)
      System.Buffers (>= 4.5.1)
      System.Collections.Immutable (>= 7.0)
      System.ComponentModel.Composition (>= 7.0)
      System.Composition (>= 7.0)
      System.Composition.AttributedModel (>= 7.0)
      System.Composition.Convention (>= 7.0)
      System.Composition.Hosting (>= 7.0)
      System.Composition.Runtime (>= 7.0)
      System.Composition.TypedParts (>= 7.0)
      System.Diagnostics.DiagnosticSource (>= 7.0.2)
      System.IO.Pipelines (>= 7.0)
      System.Memory (>= 4.5.5)
      System.Numerics.Vectors (>= 4.5)
      System.Reflection.Metadata (>= 7.0)
      System.Runtime.CompilerServices.Unsafe (>= 6.0)
      System.Security.AccessControl (>= 6.0)
      System.Security.Principal.Windows (>= 5.0)
      System.Text.Encodings.Web (>= 7.0)
      System.Text.Json (>= 7.0.3)
      System.Threading.AccessControl (>= 7.0)
      System.Threading.Tasks.Dataflow (>= 7.0)
      System.Threading.Tasks.Extensions (>= 4.5.4)
      System.ValueTuple (>= 4.5)
    Microsoft.VisualStudio.Imaging.Interop.14.0.DesignTime (17.7.37349)
    Microsoft.VisualStudio.Interop (17.7.37355)
    Microsoft.VisualStudio.ProjectAggregator (17.7.37349)
    Microsoft.VisualStudio.RegDetour (17.5.33428.366)
    Microsoft.VisualStudio.RemoteControl (16.3.52)
      Microsoft.VisualStudio.Utilities.Internal (>= 16.3.42)
    Microsoft.VisualStudio.RpcContracts (17.7.9)
      Microsoft.ServiceHub.Framework (>= 4.2.100)
      System.Threading.Tasks.Dataflow (>= 7.0)
    Microsoft.VisualStudio.SDK.Analyzers (16.10.10)
      Microsoft.CodeAnalysis.BannedApiAnalyzers (>= 3.3.2)
      Microsoft.VisualStudio.Threading.Analyzers (>= 16.10.56)
    Microsoft.VisualStudio.Services.Client (16.205.1)
      Microsoft.AspNet.WebApi.Client (>= 5.2.7)
      Microsoft.IdentityModel.Tokens (>= 5.6)
      Newtonsoft.Json (>= 12.0.3)
      System.IdentityModel.Tokens.Jwt (>= 5.6)
      System.ValueTuple (>= 4.5)
    Microsoft.VisualStudio.Services.InteractiveClient (16.205.1)
      Microsoft.IdentityModel.Clients.ActiveDirectory (>= 5.2.6)
      Microsoft.IdentityModel.Logging (>= 5.6)
      Microsoft.IdentityModel.Tokens (>= 5.6)
      Microsoft.VisualStudio.Services.Client (16.205.1)
      Newtonsoft.Json (>= 12.0.3)
      System.IdentityModel.Tokens.Jwt (>= 5.6)
    Microsoft.VisualStudio.Settings.15.0 (16.10.31321.278)
      Microsoft.VisualStudio.RegDetour (>= 16.10.31320.204)
      Microsoft.VisualStudio.Shell.15.0 (>= 16.10.31321.278)
    Microsoft.VisualStudio.Setup.Configuration.Interop (3.7.2175)
    Microsoft.VisualStudio.Shell.15.0 (17.7.37355)
      MessagePack (>= 2.5.108)
      MessagePack.Annotations (>= 2.5.108)
      Microsoft.Bcl.AsyncInterfaces (>= 7.0)
      Microsoft.Build.Framework (>= 17.7.2)
      Microsoft.IO.Redist (>= 6.0)
      Microsoft.NET.StringTools (>= 17.7.2)
      Microsoft.ServiceHub.Analyzers (>= 4.3.50)
      Microsoft.ServiceHub.Framework (>= 4.3.50)
      Microsoft.ServiceHub.Resources (>= 4.3.233)
      Microsoft.VisualStudio.ComponentModelHost (>= 17.7.188)
      Microsoft.VisualStudio.Composition (>= 17.7.18)
      Microsoft.VisualStudio.Composition.Analyzers (>= 17.7.18)
      Microsoft.VisualStudio.GraphModel (>= 17.7.37355)
      Microsoft.VisualStudio.ImageCatalog (>= 17.7.37355)
      Microsoft.VisualStudio.Imaging (>= 17.7.37355)
      Microsoft.VisualStudio.Imaging.Interop.14.0.DesignTime (>= 17.7.37349)
      Microsoft.VisualStudio.Interop (>= 17.7.37355)
      Microsoft.VisualStudio.ProjectAggregator (>= 17.7.37349)
      Microsoft.VisualStudio.RemoteControl (>= 16.3.52)
      Microsoft.VisualStudio.RpcContracts (>= 17.7.9)
      Microsoft.VisualStudio.SDK.Analyzers (>= 16.10.10)
      Microsoft.VisualStudio.Setup.Configuration.Interop (>= 3.7.2175)
      Microsoft.VisualStudio.Shell.Framework (>= 17.7.37355)
      Microsoft.VisualStudio.Telemetry (>= 17.7.57)
      Microsoft.VisualStudio.Threading (>= 17.7.30)
      Microsoft.VisualStudio.Threading.Analyzers (>= 17.7.30)
      Microsoft.VisualStudio.Utilities (>= 17.7.37355)
      Microsoft.VisualStudio.Utilities.Internal (>= 16.3.42)
      Microsoft.VisualStudio.Validation (>= 17.6.11)
      Microsoft.Win32.Registry (>= 5.0)
      Nerdbank.Streams (>= 2.10.69)
      Newtonsoft.Json (>= 13.0.3)
      StreamJsonRpc (>= 2.16.36)
      System.Buffers (>= 4.5.1)
      System.Collections.Immutable (>= 7.0)
      System.ComponentModel.Composition (>= 7.0)
      System.Composition (>= 7.0)
      System.Composition.AttributedModel (>= 7.0)
      System.Composition.Convention (>= 7.0)
      System.Composition.Hosting (>= 7.0)
      System.Composition.Runtime (>= 7.0)
      System.Composition.TypedParts (>= 7.0)
      System.Diagnostics.DiagnosticSource (>= 7.0.2)
      System.IO.Pipelines (>= 7.0)
      System.Memory (>= 4.5.5)
      System.Numerics.Vectors (>= 4.5)
      System.Reflection.Metadata (>= 7.0)
      System.Runtime.CompilerServices.Unsafe (>= 6.0)
      System.Security.AccessControl (>= 6.0)
      System.Security.Principal.Windows (>= 5.0)
      System.Text.Encodings.Web (>= 7.0)
      System.Text.Json (>= 7.0.3)
      System.Threading.AccessControl (>= 7.0)
      System.Threading.Tasks.Dataflow (>= 7.0)
      System.Threading.Tasks.Extensions (>= 4.5.4)
      System.ValueTuple (>= 4.5)
    Microsoft.VisualStudio.Shell.Framework (17.7.37355)
      MessagePack (>= 2.5.108)
      MessagePack.Annotations (>= 2.5.108)
      Microsoft.Bcl.AsyncInterfaces (>= 7.0)
      Microsoft.Build.Framework (>= 17.7.2)
      Microsoft.IO.Redist (>= 6.0)
      Microsoft.NET.StringTools (>= 17.7.2)
      Microsoft.ServiceHub.Analyzers (>= 4.3.50)
      Microsoft.ServiceHub.Framework (>= 4.3.50)
      Microsoft.ServiceHub.Resources (>= 4.3.233)
      Microsoft.VisualStudio.Composition (>= 17.7.18)
      Microsoft.VisualStudio.Composition.Analyzers (>= 17.7.18)
      Microsoft.VisualStudio.GraphModel (>= 17.7.37355)
      Microsoft.VisualStudio.Imaging.Interop.14.0.DesignTime (>= 17.7.37349)
      Microsoft.VisualStudio.Interop (>= 17.7.37355)
      Microsoft.VisualStudio.RemoteControl (>= 16.3.52)
      Microsoft.VisualStudio.RpcContracts (>= 17.7.9)
      Microsoft.VisualStudio.SDK.Analyzers (>= 16.10.10)
      Microsoft.VisualStudio.Setup.Configuration.Interop (>= 3.7.2175)
      Microsoft.VisualStudio.Telemetry (>= 17.7.57)
      Microsoft.VisualStudio.Threading (>= 17.7.30)
      Microsoft.VisualStudio.Threading.Analyzers (>= 17.7.30)
      Microsoft.VisualStudio.Utilities (>= 17.7.37355)
      Microsoft.VisualStudio.Utilities.Internal (>= 16.3.42)
      Microsoft.VisualStudio.Validation (>= 17.6.11)
      Microsoft.Win32.Registry (>= 5.0)
      Nerdbank.Streams (>= 2.10.69)
      Newtonsoft.Json (>= 13.0.3)
      StreamJsonRpc (>= 2.16.36)
      System.Buffers (>= 4.5.1)
      System.Collections.Immutable (>= 7.0)
      System.ComponentModel.Composition (>= 7.0)
      System.Composition (>= 7.0)
      System.Composition.AttributedModel (>= 7.0)
      System.Composition.Convention (>= 7.0)
      System.Composition.Hosting (>= 7.0)
      System.Composition.Runtime (>= 7.0)
      System.Composition.TypedParts (>= 7.0)
      System.Diagnostics.DiagnosticSource (>= 7.0.2)
      System.IO.Pipelines (>= 7.0)
      System.Memory (>= 4.5.5)
      System.Numerics.Vectors (>= 4.5)
      System.Reflection.Metadata (>= 7.0)
      System.Runtime.CompilerServices.Unsafe (>= 6.0)
      System.Security.AccessControl (>= 6.0)
      System.Security.Principal.Windows (>= 5.0)
      System.Text.Encodings.Web (>= 7.0)
      System.Text.Json (>= 7.0.3)
      System.Threading.AccessControl (>= 7.0)
      System.Threading.Tasks.Dataflow (>= 7.0)
      System.Threading.Tasks.Extensions (>= 4.5.4)
      System.ValueTuple (>= 4.5)
    Microsoft.VisualStudio.Telemetry (17.7.57)
      Microsoft.CSharp (>= 4.7)
      Microsoft.VisualStudio.RemoteControl (>= 16.3.52)
      Microsoft.VisualStudio.Utilities.Internal (>= 16.3.42)
      Newtonsoft.Json (>= 13.0.1)
      System.Runtime.CompilerServices.Unsafe (>= 5.0)
    Microsoft.VisualStudio.Threading (17.7.30)
      Microsoft.Bcl.AsyncInterfaces (>= 7.0)
      Microsoft.VisualStudio.Threading.Analyzers (>= 17.7.30)
      Microsoft.VisualStudio.Validation (>= 17.6.11)
      Microsoft.Win32.Registry (>= 5.0)
      System.Runtime.CompilerServices.Unsafe (>= 6.0)
      System.Threading.Tasks.Extensions (>= 4.5.4)
    Microsoft.VisualStudio.Threading.Analyzers (17.7.30)
    Microsoft.VisualStudio.Utilities (17.7.37355)
      MessagePack (>= 2.5.108)
      MessagePack.Annotations (>= 2.5.108)
      Microsoft.Bcl.AsyncInterfaces (>= 7.0)
      Microsoft.IO.Redist (>= 6.0)
      Microsoft.NET.StringTools (>= 17.7.2)
      Microsoft.ServiceHub.Framework (>= 4.3.50)
      Microsoft.ServiceHub.Resources (>= 4.3.233)
      Microsoft.VisualStudio.Composition (>= 17.7.18)
      Microsoft.VisualStudio.Composition.Analyzers (>= 17.7.18)
      Microsoft.VisualStudio.RemoteControl (>= 16.3.52)
      Microsoft.VisualStudio.RpcContracts (>= 17.7.9)
      Microsoft.VisualStudio.Telemetry (>= 17.7.57)
      Microsoft.VisualStudio.Threading (>= 17.7.30)
      Microsoft.VisualStudio.Threading.Analyzers (>= 17.7.30)
      Microsoft.VisualStudio.Utilities.Internal (>= 16.3.42)
      Microsoft.VisualStudio.Validation (>= 17.6.11)
      Microsoft.Win32.Registry (>= 5.0)
      Nerdbank.Streams (>= 2.10.69)
      Newtonsoft.Json (>= 13.0.3)
      StreamJsonRpc (>= 2.16.36)
      System.Buffers (>= 4.5.1)
      System.Collections.Immutable (>= 7.0)
      System.ComponentModel.Composition (>= 7.0)
      System.Composition (>= 7.0)
      System.Composition.AttributedModel (>= 7.0)
      System.Composition.Convention (>= 7.0)
      System.Composition.Hosting (>= 7.0)
      System.Composition.Runtime (>= 7.0)
      System.Composition.TypedParts (>= 7.0)
      System.Diagnostics.DiagnosticSource (>= 7.0.2)
      System.IO.Pipelines (>= 7.0)
      System.Memory (>= 4.5.5)
      System.Numerics.Vectors (>= 4.5)
      System.Reflection.Metadata (>= 7.0)
      System.Runtime.CompilerServices.Unsafe (>= 6.0)
      System.Security.AccessControl (>= 6.0)
      System.Security.Principal.Windows (>= 5.0)
      System.Text.Encodings.Web (>= 7.0)
      System.Text.Json (>= 7.0.3)
      System.Threading.AccessControl (>= 7.0)
      System.Threading.Tasks.Dataflow (>= 7.0)
      System.Threading.Tasks.Extensions (>= 4.5.4)
      System.ValueTuple (>= 4.5)
    Microsoft.VisualStudio.Utilities.Internal (16.3.42)
    Microsoft.VisualStudio.Validation (17.6.11)
    Microsoft.Win32.Registry (5.0)
      System.Security.AccessControl (>= 5.0)
      System.Security.Principal.Windows (>= 5.0)
    Nerdbank.Streams (2.10.69)
      Microsoft.Bcl.AsyncInterfaces (>= 7.0)
      Microsoft.VisualStudio.Threading (>= 17.6.40)
      Microsoft.VisualStudio.Validation (>= 17.6.11)
      System.IO.Pipelines (>= 7.0)
      System.Runtime.CompilerServices.Unsafe (>= 6.0)
    Newtonsoft.Json (13.0.3)
    StreamJsonRpc (2.16.36)
      MessagePack (>= 2.5.108)
      Microsoft.Bcl.AsyncInterfaces (>= 7.0)
      Microsoft.VisualStudio.Threading (>= 17.6.40)
      Microsoft.VisualStudio.Threading.Analyzers (>= 17.6.40)
      Microsoft.VisualStudio.Validation (>= 17.6.11)
      Nerdbank.Streams (>= 2.10.66)
      Newtonsoft.Json (>= 13.0.1)
      System.Collections.Immutable (>= 7.0)
      System.Diagnostics.DiagnosticSource (>= 7.0.2)
      System.IO.Pipelines (>= 7.0)
      System.Text.Encodings.Web (>= 7.0)
      System.Text.Json (>= 7.0.3)
      System.Threading.Tasks.Dataflow (>= 7.0)
    System.Buffers (4.5.1)
    System.Collections.Immutable (7.0)
      System.Memory (>= 4.5.5)
      System.Runtime.CompilerServices.Unsafe (>= 6.0)
    System.ComponentModel.Composition (7.0)
    System.Composition (7.0)
      System.Composition.AttributedModel (>= 7.0)
      System.Composition.Convention (>= 7.0)
      System.Composition.Hosting (>= 7.0)
      System.Composition.Runtime (>= 7.0)
      System.Composition.TypedParts (>= 7.0)
    System.Composition.AttributedModel (7.0)
    System.Composition.Convention (7.0)
      System.Composition.AttributedModel (>= 7.0)
    System.Composition.Hosting (7.0)
      System.Composition.Runtime (>= 7.0)
    System.Composition.Runtime (7.0)
    System.Composition.TypedParts (7.0)
      System.Composition.AttributedModel (>= 7.0)
      System.Composition.Hosting (>= 7.0)
      System.Composition.Runtime (>= 7.0)
    System.Diagnostics.DiagnosticSource (7.0.2)
      System.Memory (>= 4.5.5)
      System.Runtime.CompilerServices.Unsafe (>= 6.0)
    System.IdentityModel.Tokens.Jwt (6.32.2)
      Microsoft.IdentityModel.JsonWebTokens (>= 6.32.2)
      Microsoft.IdentityModel.Tokens (>= 6.32.2)
    System.IO (4.3)
    System.IO.Pipelines (7.0)
      System.Buffers (>= 4.5.1)
      System.Memory (>= 4.5.5)
      System.Threading.Tasks.Extensions (>= 4.5.4)
    System.Memory (4.5.5)
      System.Buffers (>= 4.5.1)
      System.Numerics.Vectors (>= 4.5)
      System.Runtime.CompilerServices.Unsafe (>= 4.5.3)
    System.Net.Http (4.3.4)
      System.Security.Cryptography.X509Certificates (>= 4.3)
    System.Numerics.Vectors (4.5)
    System.Private.Uri (4.3.2)
      Microsoft.NETCore.Platforms (>= 1.1.1)
      Microsoft.NETCore.Targets (>= 1.1.3)
    System.Reflection.Emit (4.7)
    System.Reflection.Emit.Lightweight (4.7)
    System.Reflection.Metadata (7.0.2)
      System.Collections.Immutable (>= 7.0)
      System.Memory (>= 4.5.5)
    System.Runtime (4.3.1)
    System.Runtime.CompilerServices.Unsafe (6.0)
    System.Security.AccessControl (6.0)
      System.Security.Principal.Windows (>= 5.0)
    System.Security.Cryptography.Algorithms (4.3.1)
      System.IO (>= 4.3)
      System.Runtime (>= 4.3)
      System.Security.Cryptography.Encoding (>= 4.3)
      System.Security.Cryptography.Primitives (>= 4.3)
    System.Security.Cryptography.Encoding (4.3)
    System.Security.Cryptography.Primitives (4.3)
    System.Security.Cryptography.X509Certificates (4.3.2)
      System.Security.Cryptography.Algorithms (>= 4.3)
      System.Security.Cryptography.Encoding (>= 4.3)
    System.Security.Principal.Windows (5.0)
    System.Text.Encoding (4.3)
    System.Text.Encodings.Web (7.0)
      System.Buffers (>= 4.5.1)
      System.Memory (>= 4.5.5)
      System.Runtime.CompilerServices.Unsafe (>= 6.0)
    System.Text.Json (7.0.3)
      Microsoft.Bcl.AsyncInterfaces (>= 7.0)
      System.Buffers (>= 4.5.1)
      System.Memory (>= 4.5.5)
      System.Numerics.Vectors (>= 4.5)
      System.Runtime.CompilerServices.Unsafe (>= 6.0)
      System.Text.Encodings.Web (>= 7.0)
      System.Threading.Tasks.Extensions (>= 4.5.4)
      System.ValueTuple (>= 4.5)
    System.Threading.AccessControl (7.0.1)
      System.Security.AccessControl (>= 6.0)
      System.Security.Principal.Windows (>= 5.0)
    System.Threading.Tasks.Dataflow (7.0)
    System.Threading.Tasks.Extensions (4.5.4)
      System.Runtime.CompilerServices.Unsafe (>= 4.5.3)
    System.ValueTuple (4.5)

GROUP VS2022
RESTRICTION: == net48
NUGET
  remote: https://api.nuget.org/v3/index.json
    MessagePack (2.5.124)
      MessagePack.Annotations (>= 2.5.124)
      Microsoft.Bcl.AsyncInterfaces (>= 6.0)
      Microsoft.NET.StringTools (>= 17.6.3)
      System.Collections.Immutable (>= 6.0)
      System.Reflection.Emit (>= 4.7)
      System.Reflection.Emit.Lightweight (>= 4.7)
      System.Runtime.CompilerServices.Unsafe (>= 6.0)
      System.Threading.Tasks.Extensions (>= 4.5.4)
    MessagePack.Annotations (2.5.124)
    Microsoft.AspNet.WebApi.Client (5.2.9)
      Newtonsoft.Json (>= 6.0.4)
    Microsoft.AspNet.WebApi.Core (5.2.9)
      Microsoft.AspNet.WebApi.Client (>= 5.2.9)
    Microsoft.AspNet.WebApi.WebHost (5.2.9)
      Microsoft.AspNet.WebApi.Core (>= 5.2.9 < 5.3)
    Microsoft.Bcl.AsyncInterfaces (7.0)
      System.Threading.Tasks.Extensions (>= 4.5.4)
    Microsoft.Build.Framework (17.7.2)
      Microsoft.VisualStudio.Setup.Configuration.Interop (>= 3.2.2146)
      System.Runtime.CompilerServices.Unsafe (>= 6.0)
    Microsoft.CodeAnalysis.BannedApiAnalyzers (3.3.4)
    Microsoft.CSharp (4.7)
    Microsoft.IdentityModel.Abstractions (6.32.2)
    Microsoft.IdentityModel.Clients.ActiveDirectory (5.3)
      System.Net.Http (>= 4.3.4)
      System.Private.Uri (>= 4.3.2)
    Microsoft.IdentityModel.JsonWebTokens (6.32.2)
      Microsoft.IdentityModel.Tokens (>= 6.32.2)
      System.Text.Encoding (>= 4.3)
      System.Text.Encodings.Web (>= 4.7.2)
      System.Text.Json (>= 4.7.2)
    Microsoft.IdentityModel.Logging (6.32.2)
      Microsoft.IdentityModel.Abstractions (>= 6.32.2)
    Microsoft.IdentityModel.Tokens (6.32.2)
      Microsoft.IdentityModel.Logging (>= 6.32.2)
      System.Text.Encoding (>= 4.3)
      System.Text.Encodings.Web (>= 4.7.2)
      System.Text.Json (>= 4.7.2)
    Microsoft.IO.Redist (6.0)
      System.Buffers (>= 4.5.1)
      System.Memory (>= 4.5.4)
    Microsoft.NET.StringTools (17.7.2)
      System.Memory (>= 4.5.5)
      System.Runtime.CompilerServices.Unsafe (>= 6.0)
    Microsoft.NETCore.Platforms (7.0.4)
    Microsoft.NETCore.Targets (5.0)
    Microsoft.ServiceHub.Analyzers (4.3.50)
    Microsoft.ServiceHub.Framework (4.3.50)
      Microsoft.ServiceHub.Analyzers (>= 4.3.50)
      Microsoft.VisualStudio.Composition (>= 17.6.17)
      Microsoft.VisualStudio.Threading (>= 17.6.40)
      Microsoft.VisualStudio.Validation (>= 17.6.11)
      Nerdbank.Streams (>= 2.10.69)
      StreamJsonRpc (>= 2.16.29)
      System.Collections.Immutable (>= 7.0)
      System.Text.Json (>= 7.0.2)
    Microsoft.ServiceHub.Resources (4.3.233)
    Microsoft.TeamFoundation.DistributedTask.Common.Contracts (16.205.1)
      Microsoft.VisualStudio.Services.Client (16.205.1)
    Microsoft.TeamFoundationServer.Client (16.205.1)
      Microsoft.AspNet.WebApi.Client (>= 5.2.7)
      Microsoft.AspNet.WebApi.Core (>= 5.2.7)
      Microsoft.AspNet.WebApi.WebHost (>= 5.2.7)
      Microsoft.TeamFoundation.DistributedTask.Common.Contracts (16.205.1)
      Microsoft.VisualStudio.Services.Client (16.205.1)
      Newtonsoft.Json (>= 12.0.3)
    Microsoft.TeamFoundationServer.ExtendedClient (16.205.1)
      Microsoft.AspNet.WebApi.Client (>= 5.2.7)
      Microsoft.AspNet.WebApi.Core (>= 5.2.7)
      Microsoft.IdentityModel.Clients.ActiveDirectory (>= 5.2.6)
      Microsoft.TeamFoundationServer.Client (16.205.1)
      Microsoft.VisualStudio.Services.Client (16.205.1)
      Microsoft.VisualStudio.Services.InteractiveClient (16.205.1)
      Newtonsoft.Json (>= 12.0.3)
      System.IdentityModel.Tokens.Jwt (>= 5.6)
    Microsoft.VisualStudio.ComponentModelHost (17.7.188)
      Microsoft.VisualStudio.Imaging.Interop.14.0.DesignTime (>= 17.7.36673)
      Microsoft.VisualStudio.Interop (>= 17.7.36673)
      Microsoft.VisualStudio.Validation (>= 17.6.11)
      System.ComponentModel.Composition (>= 7.0)
    Microsoft.VisualStudio.Composition (17.7.18)
      Microsoft.VisualStudio.Composition.Analyzers (>= 17.7.18)
      Microsoft.VisualStudio.Validation (>= 17.6.11)
      System.Collections.Immutable (>= 7.0)
      System.ComponentModel.Composition (>= 7.0)
      System.Composition (>= 7.0)
      System.Composition.AttributedModel (>= 7.0)
      System.Reflection.Metadata (>= 7.0)
      System.Threading.Tasks.Dataflow (>= 7.0)
    Microsoft.VisualStudio.Composition.Analyzers (17.7.18)
    Microsoft.VisualStudio.GraphModel (17.7.37355)
      Microsoft.VisualStudio.Interop (>= 17.7.37355)
      System.ComponentModel.Composition (>= 7.0)
    Microsoft.VisualStudio.ImageCatalog (17.7.37355)
      Microsoft.VisualStudio.Imaging.Interop.14.0.DesignTime (>= 17.7.37349)
      Microsoft.VisualStudio.Interop (>= 17.7.37355)
    Microsoft.VisualStudio.Imaging (17.7.37355)
      MessagePack (>= 2.5.108)
      MessagePack.Annotations (>= 2.5.108)
      Microsoft.Bcl.AsyncInterfaces (>= 7.0)
      Microsoft.IO.Redist (>= 6.0)
      Microsoft.NET.StringTools (>= 17.7.2)
      Microsoft.ServiceHub.Analyzers (>= 4.3.50)
      Microsoft.ServiceHub.Framework (>= 4.3.50)
      Microsoft.ServiceHub.Resources (>= 4.3.233)
      Microsoft.VisualStudio.Composition (>= 17.7.18)
      Microsoft.VisualStudio.Composition.Analyzers (>= 17.7.18)
      Microsoft.VisualStudio.Imaging.Interop.14.0.DesignTime (>= 17.7.37349)
      Microsoft.VisualStudio.RemoteControl (>= 16.3.52)
      Microsoft.VisualStudio.RpcContracts (>= 17.7.9)
      Microsoft.VisualStudio.Telemetry (>= 17.7.57)
      Microsoft.VisualStudio.Threading (>= 17.7.30)
      Microsoft.VisualStudio.Threading.Analyzers (>= 17.7.30)
      Microsoft.VisualStudio.Utilities (>= 17.7.37355)
      Microsoft.VisualStudio.Utilities.Internal (>= 16.3.42)
      Microsoft.VisualStudio.Validation (>= 17.6.11)
      Microsoft.Win32.Registry (>= 5.0)
      Nerdbank.Streams (>= 2.10.69)
      Newtonsoft.Json (>= 13.0.3)
      StreamJsonRpc (>= 2.16.36)
      System.Buffers (>= 4.5.1)
      System.Collections.Immutable (>= 7.0)
      System.ComponentModel.Composition (>= 7.0)
      System.Composition (>= 7.0)
      System.Composition.AttributedModel (>= 7.0)
      System.Composition.Convention (>= 7.0)
      System.Composition.Hosting (>= 7.0)
      System.Composition.Runtime (>= 7.0)
      System.Composition.TypedParts (>= 7.0)
      System.Diagnostics.DiagnosticSource (>= 7.0.2)
      System.IO.Pipelines (>= 7.0)
      System.Memory (>= 4.5.5)
      System.Numerics.Vectors (>= 4.5)
      System.Reflection.Metadata (>= 7.0)
      System.Runtime.CompilerServices.Unsafe (>= 6.0)
      System.Security.AccessControl (>= 6.0)
      System.Security.Principal.Windows (>= 5.0)
      System.Text.Encodings.Web (>= 7.0)
      System.Text.Json (>= 7.0.3)
      System.Threading.AccessControl (>= 7.0)
      System.Threading.Tasks.Dataflow (>= 7.0)
      System.Threading.Tasks.Extensions (>= 4.5.4)
      System.ValueTuple (>= 4.5)
    Microsoft.VisualStudio.Imaging.Interop.14.0.DesignTime (17.7.37349)
    Microsoft.VisualStudio.Interop (17.7.37355)
    Microsoft.VisualStudio.ProjectAggregator (17.7.37349)
    Microsoft.VisualStudio.RegDetour (17.5.33428.366)
    Microsoft.VisualStudio.RemoteControl (16.3.52)
      Microsoft.VisualStudio.Utilities.Internal (>= 16.3.42)
    Microsoft.VisualStudio.RpcContracts (17.7.9)
      Microsoft.ServiceHub.Framework (>= 4.2.100)
      System.Threading.Tasks.Dataflow (>= 7.0)
    Microsoft.VisualStudio.SDK.Analyzers (16.10.10)
      Microsoft.CodeAnalysis.BannedApiAnalyzers (>= 3.3.2)
      Microsoft.VisualStudio.Threading.Analyzers (>= 16.10.56)
    Microsoft.VisualStudio.Services.Client (16.205.1)
      Microsoft.AspNet.WebApi.Client (>= 5.2.7)
      Microsoft.IdentityModel.Tokens (>= 5.6)
      Newtonsoft.Json (>= 12.0.3)
      System.IdentityModel.Tokens.Jwt (>= 5.6)
      System.ValueTuple (>= 4.5)
    Microsoft.VisualStudio.Services.InteractiveClient (16.205.1)
      Microsoft.IdentityModel.Clients.ActiveDirectory (>= 5.2.6)
      Microsoft.IdentityModel.Logging (>= 5.6)
      Microsoft.IdentityModel.Tokens (>= 5.6)
      Microsoft.VisualStudio.Services.Client (16.205.1)
      Newtonsoft.Json (>= 12.0.3)
      System.IdentityModel.Tokens.Jwt (>= 5.6)
    Microsoft.VisualStudio.Settings.15.0 (17.5.33428.388)
      Microsoft.VisualStudio.RegDetour (>= 17.5.33428.366)
      Microsoft.VisualStudio.Shell.15.0 (>= 17.5.33428.388)
    Microsoft.VisualStudio.Setup.Configuration.Interop (3.7.2175)
    Microsoft.VisualStudio.Shell.15.0 (17.7.37355)
      MessagePack (>= 2.5.108)
      MessagePack.Annotations (>= 2.5.108)
      Microsoft.Bcl.AsyncInterfaces (>= 7.0)
      Microsoft.Build.Framework (>= 17.7.2)
      Microsoft.IO.Redist (>= 6.0)
      Microsoft.NET.StringTools (>= 17.7.2)
      Microsoft.ServiceHub.Analyzers (>= 4.3.50)
      Microsoft.ServiceHub.Framework (>= 4.3.50)
      Microsoft.ServiceHub.Resources (>= 4.3.233)
      Microsoft.VisualStudio.ComponentModelHost (>= 17.7.188)
      Microsoft.VisualStudio.Composition (>= 17.7.18)
      Microsoft.VisualStudio.Composition.Analyzers (>= 17.7.18)
      Microsoft.VisualStudio.GraphModel (>= 17.7.37355)
      Microsoft.VisualStudio.ImageCatalog (>= 17.7.37355)
      Microsoft.VisualStudio.Imaging (>= 17.7.37355)
      Microsoft.VisualStudio.Imaging.Interop.14.0.DesignTime (>= 17.7.37349)
      Microsoft.VisualStudio.Interop (>= 17.7.37355)
      Microsoft.VisualStudio.ProjectAggregator (>= 17.7.37349)
      Microsoft.VisualStudio.RemoteControl (>= 16.3.52)
      Microsoft.VisualStudio.RpcContracts (>= 17.7.9)
      Microsoft.VisualStudio.SDK.Analyzers (>= 16.10.10)
      Microsoft.VisualStudio.Setup.Configuration.Interop (>= 3.7.2175)
      Microsoft.VisualStudio.Shell.Framework (>= 17.7.37355)
      Microsoft.VisualStudio.Telemetry (>= 17.7.57)
      Microsoft.VisualStudio.Threading (>= 17.7.30)
      Microsoft.VisualStudio.Threading.Analyzers (>= 17.7.30)
      Microsoft.VisualStudio.Utilities (>= 17.7.37355)
      Microsoft.VisualStudio.Utilities.Internal (>= 16.3.42)
      Microsoft.VisualStudio.Validation (>= 17.6.11)
      Microsoft.Win32.Registry (>= 5.0)
      Nerdbank.Streams (>= 2.10.69)
      Newtonsoft.Json (>= 13.0.3)
      StreamJsonRpc (>= 2.16.36)
      System.Buffers (>= 4.5.1)
      System.Collections.Immutable (>= 7.0)
      System.ComponentModel.Composition (>= 7.0)
      System.Composition (>= 7.0)
      System.Composition.AttributedModel (>= 7.0)
      System.Composition.Convention (>= 7.0)
      System.Composition.Hosting (>= 7.0)
      System.Composition.Runtime (>= 7.0)
      System.Composition.TypedParts (>= 7.0)
      System.Diagnostics.DiagnosticSource (>= 7.0.2)
      System.IO.Pipelines (>= 7.0)
      System.Memory (>= 4.5.5)
      System.Numerics.Vectors (>= 4.5)
      System.Reflection.Metadata (>= 7.0)
      System.Runtime.CompilerServices.Unsafe (>= 6.0)
      System.Security.AccessControl (>= 6.0)
      System.Security.Principal.Windows (>= 5.0)
      System.Text.Encodings.Web (>= 7.0)
      System.Text.Json (>= 7.0.3)
      System.Threading.AccessControl (>= 7.0)
      System.Threading.Tasks.Dataflow (>= 7.0)
      System.Threading.Tasks.Extensions (>= 4.5.4)
      System.ValueTuple (>= 4.5)
    Microsoft.VisualStudio.Shell.Framework (17.7.37355)
      MessagePack (>= 2.5.108)
      MessagePack.Annotations (>= 2.5.108)
      Microsoft.Bcl.AsyncInterfaces (>= 7.0)
      Microsoft.Build.Framework (>= 17.7.2)
      Microsoft.IO.Redist (>= 6.0)
      Microsoft.NET.StringTools (>= 17.7.2)
      Microsoft.ServiceHub.Analyzers (>= 4.3.50)
      Microsoft.ServiceHub.Framework (>= 4.3.50)
      Microsoft.ServiceHub.Resources (>= 4.3.233)
      Microsoft.VisualStudio.Composition (>= 17.7.18)
      Microsoft.VisualStudio.Composition.Analyzers (>= 17.7.18)
      Microsoft.VisualStudio.GraphModel (>= 17.7.37355)
      Microsoft.VisualStudio.Imaging.Interop.14.0.DesignTime (>= 17.7.37349)
      Microsoft.VisualStudio.Interop (>= 17.7.37355)
      Microsoft.VisualStudio.RemoteControl (>= 16.3.52)
      Microsoft.VisualStudio.RpcContracts (>= 17.7.9)
      Microsoft.VisualStudio.SDK.Analyzers (>= 16.10.10)
      Microsoft.VisualStudio.Setup.Configuration.Interop (>= 3.7.2175)
      Microsoft.VisualStudio.Telemetry (>= 17.7.57)
      Microsoft.VisualStudio.Threading (>= 17.7.30)
      Microsoft.VisualStudio.Threading.Analyzers (>= 17.7.30)
      Microsoft.VisualStudio.Utilities (>= 17.7.37355)
      Microsoft.VisualStudio.Utilities.Internal (>= 16.3.42)
      Microsoft.VisualStudio.Validation (>= 17.6.11)
      Microsoft.Win32.Registry (>= 5.0)
      Nerdbank.Streams (>= 2.10.69)
      Newtonsoft.Json (>= 13.0.3)
      StreamJsonRpc (>= 2.16.36)
      System.Buffers (>= 4.5.1)
      System.Collections.Immutable (>= 7.0)
      System.ComponentModel.Composition (>= 7.0)
      System.Composition (>= 7.0)
      System.Composition.AttributedModel (>= 7.0)
      System.Composition.Convention (>= 7.0)
      System.Composition.Hosting (>= 7.0)
      System.Composition.Runtime (>= 7.0)
      System.Composition.TypedParts (>= 7.0)
      System.Diagnostics.DiagnosticSource (>= 7.0.2)
      System.IO.Pipelines (>= 7.0)
      System.Memory (>= 4.5.5)
      System.Numerics.Vectors (>= 4.5)
      System.Reflection.Metadata (>= 7.0)
      System.Runtime.CompilerServices.Unsafe (>= 6.0)
      System.Security.AccessControl (>= 6.0)
      System.Security.Principal.Windows (>= 5.0)
      System.Text.Encodings.Web (>= 7.0)
      System.Text.Json (>= 7.0.3)
      System.Threading.AccessControl (>= 7.0)
      System.Threading.Tasks.Dataflow (>= 7.0)
      System.Threading.Tasks.Extensions (>= 4.5.4)
      System.ValueTuple (>= 4.5)
    Microsoft.VisualStudio.Telemetry (17.7.57)
      Microsoft.CSharp (>= 4.7)
      Microsoft.VisualStudio.RemoteControl (>= 16.3.52)
      Microsoft.VisualStudio.Utilities.Internal (>= 16.3.42)
      Newtonsoft.Json (>= 13.0.1)
      System.Runtime.CompilerServices.Unsafe (>= 5.0)
    Microsoft.VisualStudio.Threading (17.7.30)
      Microsoft.Bcl.AsyncInterfaces (>= 7.0)
      Microsoft.VisualStudio.Threading.Analyzers (>= 17.7.30)
      Microsoft.VisualStudio.Validation (>= 17.6.11)
      Microsoft.Win32.Registry (>= 5.0)
      System.Runtime.CompilerServices.Unsafe (>= 6.0)
      System.Threading.Tasks.Extensions (>= 4.5.4)
    Microsoft.VisualStudio.Threading.Analyzers (17.7.30)
    Microsoft.VisualStudio.Utilities (17.7.37355)
      MessagePack (>= 2.5.108)
      MessagePack.Annotations (>= 2.5.108)
      Microsoft.Bcl.AsyncInterfaces (>= 7.0)
      Microsoft.IO.Redist (>= 6.0)
      Microsoft.NET.StringTools (>= 17.7.2)
      Microsoft.ServiceHub.Framework (>= 4.3.50)
      Microsoft.ServiceHub.Resources (>= 4.3.233)
      Microsoft.VisualStudio.Composition (>= 17.7.18)
      Microsoft.VisualStudio.Composition.Analyzers (>= 17.7.18)
      Microsoft.VisualStudio.RemoteControl (>= 16.3.52)
      Microsoft.VisualStudio.RpcContracts (>= 17.7.9)
      Microsoft.VisualStudio.Telemetry (>= 17.7.57)
      Microsoft.VisualStudio.Threading (>= 17.7.30)
      Microsoft.VisualStudio.Threading.Analyzers (>= 17.7.30)
      Microsoft.VisualStudio.Utilities.Internal (>= 16.3.42)
      Microsoft.VisualStudio.Validation (>= 17.6.11)
      Microsoft.Win32.Registry (>= 5.0)
      Nerdbank.Streams (>= 2.10.69)
      Newtonsoft.Json (>= 13.0.3)
      StreamJsonRpc (>= 2.16.36)
      System.Buffers (>= 4.5.1)
      System.Collections.Immutable (>= 7.0)
      System.ComponentModel.Composition (>= 7.0)
      System.Composition (>= 7.0)
      System.Composition.AttributedModel (>= 7.0)
      System.Composition.Convention (>= 7.0)
      System.Composition.Hosting (>= 7.0)
      System.Composition.Runtime (>= 7.0)
      System.Composition.TypedParts (>= 7.0)
      System.Diagnostics.DiagnosticSource (>= 7.0.2)
      System.IO.Pipelines (>= 7.0)
      System.Memory (>= 4.5.5)
      System.Numerics.Vectors (>= 4.5)
      System.Reflection.Metadata (>= 7.0)
      System.Runtime.CompilerServices.Unsafe (>= 6.0)
      System.Security.AccessControl (>= 6.0)
      System.Security.Principal.Windows (>= 5.0)
      System.Text.Encodings.Web (>= 7.0)
      System.Text.Json (>= 7.0.3)
      System.Threading.AccessControl (>= 7.0)
      System.Threading.Tasks.Dataflow (>= 7.0)
      System.Threading.Tasks.Extensions (>= 4.5.4)
      System.ValueTuple (>= 4.5)
    Microsoft.VisualStudio.Utilities.Internal (16.3.42)
    Microsoft.VisualStudio.Validation (17.6.11)
    Microsoft.Win32.Registry (5.0)
      System.Security.AccessControl (>= 5.0)
      System.Security.Principal.Windows (>= 5.0)
    Nerdbank.Streams (2.10.69)
      Microsoft.Bcl.AsyncInterfaces (>= 7.0)
      Microsoft.VisualStudio.Threading (>= 17.6.40)
      Microsoft.VisualStudio.Validation (>= 17.6.11)
      System.IO.Pipelines (>= 7.0)
      System.Runtime.CompilerServices.Unsafe (>= 6.0)
    Newtonsoft.Json (13.0.3)
    StreamJsonRpc (2.16.36)
      MessagePack (>= 2.5.108)
      Microsoft.Bcl.AsyncInterfaces (>= 7.0)
      Microsoft.VisualStudio.Threading (>= 17.6.40)
      Microsoft.VisualStudio.Threading.Analyzers (>= 17.6.40)
      Microsoft.VisualStudio.Validation (>= 17.6.11)
      Nerdbank.Streams (>= 2.10.66)
      Newtonsoft.Json (>= 13.0.1)
      System.Collections.Immutable (>= 7.0)
      System.Diagnostics.DiagnosticSource (>= 7.0.2)
      System.IO.Pipelines (>= 7.0)
      System.Text.Encodings.Web (>= 7.0)
      System.Text.Json (>= 7.0.3)
      System.Threading.Tasks.Dataflow (>= 7.0)
    System.Buffers (4.5.1)
    System.Collections.Immutable (7.0)
      System.Memory (>= 4.5.5)
      System.Runtime.CompilerServices.Unsafe (>= 6.0)
    System.ComponentModel.Composition (7.0)
    System.Composition (7.0)
      System.Composition.AttributedModel (>= 7.0)
      System.Composition.Convention (>= 7.0)
      System.Composition.Hosting (>= 7.0)
      System.Composition.Runtime (>= 7.0)
      System.Composition.TypedParts (>= 7.0)
    System.Composition.AttributedModel (7.0)
    System.Composition.Convention (7.0)
      System.Composition.AttributedModel (>= 7.0)
    System.Composition.Hosting (7.0)
      System.Composition.Runtime (>= 7.0)
    System.Composition.Runtime (7.0)
    System.Composition.TypedParts (7.0)
      System.Composition.AttributedModel (>= 7.0)
      System.Composition.Hosting (>= 7.0)
      System.Composition.Runtime (>= 7.0)
    System.Diagnostics.DiagnosticSource (7.0.2)
      System.Memory (>= 4.5.5)
      System.Runtime.CompilerServices.Unsafe (>= 6.0)
    System.IdentityModel.Tokens.Jwt (6.32.2)
      Microsoft.IdentityModel.JsonWebTokens (>= 6.32.2)
      Microsoft.IdentityModel.Tokens (>= 6.32.2)
    System.IO (4.3)
    System.IO.Pipelines (7.0)
      System.Buffers (>= 4.5.1)
      System.Memory (>= 4.5.5)
      System.Threading.Tasks.Extensions (>= 4.5.4)
    System.Memory (4.5.5)
      System.Buffers (>= 4.5.1)
      System.Numerics.Vectors (>= 4.5)
      System.Runtime.CompilerServices.Unsafe (>= 4.5.3)
    System.Net.Http (4.3.4)
      System.Security.Cryptography.X509Certificates (>= 4.3)
    System.Numerics.Vectors (4.5)
    System.Private.Uri (4.3.2)
      Microsoft.NETCore.Platforms (>= 1.1.1)
      Microsoft.NETCore.Targets (>= 1.1.3)
    System.Reflection.Emit (4.7)
    System.Reflection.Emit.Lightweight (4.7)
    System.Reflection.Metadata (7.0.2)
      System.Collections.Immutable (>= 7.0)
      System.Memory (>= 4.5.5)
    System.Runtime (4.3.1)
    System.Runtime.CompilerServices.Unsafe (6.0)
    System.Security.AccessControl (6.0)
      System.Security.Principal.Windows (>= 5.0)
    System.Security.Cryptography.Algorithms (4.3.1)
      System.IO (>= 4.3)
      System.Runtime (>= 4.3)
      System.Security.Cryptography.Encoding (>= 4.3)
      System.Security.Cryptography.Primitives (>= 4.3)
    System.Security.Cryptography.Encoding (4.3)
    System.Security.Cryptography.Primitives (4.3)
    System.Security.Cryptography.X509Certificates (4.3.2)
      System.Security.Cryptography.Algorithms (>= 4.3)
      System.Security.Cryptography.Encoding (>= 4.3)
    System.Security.Principal.Windows (5.0)
    System.Text.Encoding (4.3)
    System.Text.Encodings.Web (7.0)
      System.Buffers (>= 4.5.1)
      System.Memory (>= 4.5.5)
      System.Runtime.CompilerServices.Unsafe (>= 6.0)
    System.Text.Json (7.0.3)
      Microsoft.Bcl.AsyncInterfaces (>= 7.0)
      System.Buffers (>= 4.5.1)
      System.Memory (>= 4.5.5)
      System.Numerics.Vectors (>= 4.5)
      System.Runtime.CompilerServices.Unsafe (>= 6.0)
      System.Text.Encodings.Web (>= 7.0)
      System.Threading.Tasks.Extensions (>= 4.5.4)
      System.ValueTuple (>= 4.5)
    System.Threading.AccessControl (7.0.1)
      System.Security.AccessControl (>= 6.0)
      System.Security.Principal.Windows (>= 5.0)
    System.Threading.Tasks.Dataflow (7.0)
    System.Threading.Tasks.Extensions (4.5.4)
      System.Runtime.CompilerServices.Unsafe (>= 4.5.3)
    System.ValueTuple (4.5)
